PATH
  remote: .
  specs:
    rails_sql_views (0.8.0)
      activerecord (~> 2.3)
      rails_sql_views

GEM
  remote: https://rubygems.org/
  specs:
    activerecord (2.3.18)
      activesupport (= 2.3.18)
    activesupport (2.3.18)
    addressable (2.3.2)
    builder (3.2.2)
    descendants_tracker (0.0.4)
      thread_safe (~> 0.3, >= 0.3.1)
    faraday (0.9.0)
      multipart-post (>= 1.2, < 3)
    flexmock (1.3.3)
    git (1.2.8)
    github_api (0.12.0)
      addressable (~> 2.3)
      descendants_tracker (~> 0.0.4)
      faraday (~> 0.8, < 0.10)
      hashie (>= 3.2)
      multi_json (>= 1.7.5, < 2.0)
      nokogiri (~> 1.6.3)
      oauth2
    hashie (3.2.0)
    highline (1.6.15)
    httpauth (0.2.1)
    jeweler (2.0.1)
      builder
      bundler (>= 1.0)
      git (>= 1.2.5)
      github_api
      highline (>= 1.6.15)
      nokogiri (>= 1.5.10)
      rake
      rdoc
    json (1.8.1)
    mini_portile (0.6.0)
    multi_json (1.10.1)
    multipart-post (2.0.0)
    mysql (2.9.1)
    mysql2 (0.2.23)
    nokogiri (1.6.3.1)
      mini_portile (= 0.6.0)
    oauth2 (0.6.1)
      faraday (~> 0.7)
      httpauth (~> 0.1)
      multi_json (~> 1.3)
    pg (0.17.1)
    rake (10.3.2)
    rdoc (4.1.1)
      json (~> 1.4)
    thread_safe (0.3.4)

PLATFORMS
  ruby

DEPENDENCIES
  flexmock
  jeweler
  mysql
  mysql2 (~> 0.2.7)
  pg
  rails_sql_views!
  rake
